PATH
  remote: .
  specs:
    smart_ioc (0.3.9)

GEM
  remote: https://rubygems.org/
  specs:
    byebug (11.1.3)
    codecov (0.2.5)
      colorize
      json
      simplecov
    coderay (1.1.3)
    colorize (0.8.1)
    diff-lcs (1.4.4)
    docile (1.3.2)
    json (2.3.1)
    method_source (1.0.0)
    pry (0.14.2)
      coderay (~> 1.1)
      method_source (~> 1.0)
    rake (13.0.1)
    rspec (3.9.0)
      rspec-core (~> 3.9.0)
      rspec-expectations (~> 3.9.0)
      rspec-mocks (~> 3.9.0)
    rspec-core (3.9.2)
      rspec-support (~> 3.9.3)
    rspec-expectations (3.9.2)
      diff-lcs (>= 1.2.0, < 2.0)
      rspec-support (~> 3.9.0)
    rspec-mocks (3.9.1)
      diff-lcs (>= 1.2.0, < 2.0)
      rspec-support (~> 3.9.0)
    rspec-support (3.9.3)
    simplecov (0.18.5)
      docile (~> 1.1)
      simplecov-html (~> 0.11)
    simplecov-html (0.12.2)

PLATFORMS
  ruby

DEPENDENCIES
  bundler
  byebug
  codecov
  pry
  rake
  rspec
  simplecov
  smart_ioc!

BUNDLED WITH
   2.3.25
